PATH
  remote: .
  specs:
    ulysses (0.4.2)
      htmlentities
      nokogiri

GEM
  remote: https://rubygems.org/
  specs:
    htmlentities (4.3.4)
    mini_portile2 (2.0.0)
    minitest (5.8.4)
    nokogiri (1.6.7.2)
      mini_portile2 (~> 2.0.0.rc2)
    rake (10.5.0)

PLATFORMS
  ruby

DEPENDENCIES
  bundler (~> 1.11)
  minitest (~> 5.0)
  rake (~> 10.0)
  ulysses!

BUNDLED WITH
   1.11.2
